GEM
  remote: https://rubygems.org/
  specs:
    capybara (1.1.4)
      mime-types (>= 1.16)
      nokogiri (>= 1.3.3)
      rack (>= 1.0.0)
      rack-test (>= 0.5.4)
      selenium-webdriver (~> 2.0)
      xpath (~> 0.1.4)
    childprocess (0.5.6)
      ffi (~> 1.0, >= 1.0.11)
    coderay (1.1.0)
    daemons (1.2.2)
    docdiff (0.5.0)
    eventmachine (1.0.7)
    ffi (1.9.8)
    foreman (0.78.0)
      thor (~> 0.19.1)
    hikidoc (0.1.0)
    json (1.8.2)
    method_source (0.8.2)
    mime-types (2.5)
    mini_portile (0.6.2)
    multi_json (1.11.0)
    mysql2 (0.3.18)
    nokogiri (1.6.6.2)
      mini_portile (~> 0.6.0)
    power_assert (0.2.3)
    pry (0.10.1)
      coderay (~> 1.1.0)
      method_source (~> 0.8.1)
      slop (~> 3.4)
    rack (1.6.1)
    rack-test (0.6.3)
      rack (>= 1.0)
    rake (10.4.2)
    rr (1.1.2)
    rubyzip (1.1.7)
    selenium-webdriver (2.45.0)
      childprocess (~> 0.5)
      multi_json (~> 1.0)
      rubyzip (~> 1.0)
      websocket (~> 1.0)
    sequel (4.22.0)
    slop (3.6.0)
    test-unit (3.0.9)
      power_assert
    test-unit-capybara (1.0.2)
      capybara (>= 1.1.2)
      json
      test-unit (>= 2.4.4)
    test-unit-notify (1.0.4)
      test-unit (>= 2.4.9)
    test-unit-rr (1.0.3)
      rr (>= 1.1.1)
      test-unit (>= 2.5.2)
    thin (1.6.3)
      daemons (~> 1.0, >= 1.0.9)
      eventmachine (~> 1.0)
      rack (~> 1.0)
    thor (0.19.1)
    websocket (1.2.2)
    xpath (0.1.4)
      nokogiri (~> 1.3)

PLATFORMS
  ruby

DEPENDENCIES
  capybara (< 2)
  docdiff
  foreman
  hikidoc
  mysql2
  pry
  rack
  rake
  sequel
  test-unit
  test-unit-capybara
  test-unit-notify
  test-unit-rr
  thin
